GEM
  remote: https://rubygems.org/
  specs:
    geocoder (1.2.2)
    mini_portile (0.6.0)
    nokogiri (1.6.2.1)
      mini_portile (= 0.6.0)
    rmagick (2.13.2)
    rubyzip (1.1.4)
    thor (0.19.1)

PLATFORMS
  ruby

DEPENDENCIES
  geocoder
  nokogiri
  rmagick
  rubyzip
  thor
